GEM
  remote: https://rubygems.org/
  specs:
    activesupport (3.2.14)
      i18n (~> 0.6, >= 0.6.4)
      multi_json (~> 1.0)
    bubble-wrap (1.4.0)
    claide (0.3.2)
    cocoapods (0.26.2)
      activesupport (~> 3.2)
      claide (~> 0.3.2)
      cocoapods-core (= 0.26.2)
      cocoapods-downloader (~> 0.2.0)
      colored (~> 1.2)
      escape (~> 0.0.4)
      json (~> 1.8)
      open4 (~> 1.3)
      xcodeproj (~> 0.13.0)
    cocoapods-core (0.26.2)
      activesupport (~> 3.0)
      json (~> 1.8)
      nap (~> 0.5)
    cocoapods-downloader (0.2.0)
    colored (1.2)
    dotenv (0.9.0)
    escape (0.0.4)
    formotion (1.6)
      bubble-wrap (~> 1.4.0)
      motion-require (~> 0.0.3)
    i18n (0.6.5)
    json (1.8.0)
    motion-cocoapods (1.4.0)
      cocoapods (>= 0.26.2)
    motion-pixate (2.0)
      sass
    motion-require (0.0.7)
    motion-settings-bundle (0.2.0)
      plist (~> 3.1.0)
    multi_json (1.8.1)
    nap (0.5.1)
    open4 (1.3.0)
    plist (3.1.0)
    sass (3.2.12)
    sugarcube (1.3.3)
    teacup (2.1.12)
    xcodeproj (0.13.1)
      activesupport (~> 3.0)
      colored (~> 1.2)

PLATFORMS
  ruby

DEPENDENCIES
  bubble-wrap
  dotenv
  formotion
  motion-cocoapods
  motion-pixate
  motion-settings-bundle
  sugarcube
  teacup
