GEM
  remote: https://rubygems.org/
  specs:
    activesupport (3.2.15)
      i18n (~> 0.6, >= 0.6.4)
      multi_json (~> 1.0)
    addressable (2.3.5)
    bubble-wrap (1.4.0)
    claide (0.3.2)
    cocoapods (0.27.1)
      activesupport (>= 3.2.15, < 4)
      claide (~> 0.3.2)
      cocoapods-core (= 0.27.1)
      cocoapods-downloader (~> 0.2.0)
      colored (~> 1.2)
      escape (~> 0.0.4)
      json_pure (~> 1.8)
      open4 (~> 1.3)
      xcodeproj (~> 0.14.0)
    cocoapods-core (0.27.1)
      activesupport (>= 3.2.15, < 4)
      json_pure (~> 1.8)
      nap (~> 0.5)
    cocoapods-downloader (0.2.0)
    colored (1.2)
    dotenv (0.9.0)
    escape (0.0.4)
    formotion (1.6)
      bubble-wrap (~> 1.4.0)
      motion-require (~> 0.0.3)
    i18n (0.6.5)
    json_pure (1.8.1)
    launchy (2.3.0)
      addressable (~> 2.3)
    mime-types (2.0)
    motion-cocoapods (1.4.0)
      cocoapods (>= 0.26.2)
    motion-firebase (2.0.0)
    motion-layout (0.0.1)
    motion-require (0.0.7)
    motion-settings-bundle (0.2.0)
      plist (~> 3.1.0)
    multi_json (1.8.2)
    nap (0.5.1)
    open4 (1.3.0)
    plist (3.1.0)
    rake (10.1.0)
    require_all (1.3.2)
    rest-client (1.6.7)
      mime-types (>= 1.16)
    teacup (2.1.13)
    xcodeproj (0.14.1)
      activesupport (~> 3.0)
      colored (~> 1.2)
      rake

PLATFORMS
  ruby

DEPENDENCIES
  bubble-wrap
  dotenv
  formotion
  launchy
  motion-cocoapods
  motion-firebase
  motion-layout
  motion-settings-bundle
  require_all
  rest-client
  teacup
