GEM
  remote: https://rubygems.org/
  specs:
    bubble-wrap (1.3.0)
    sugarcube (1.1.0)
    teacup (2.1.10)

PLATFORMS
  ruby

DEPENDENCIES
  bubble-wrap
  sugarcube
  teacup
