GEM
  remote: https://rubygems.org/
  specs:
    ProMotion (1.0.4)
    bubble-wrap (1.3.0)
    motion-testflight (1.5)
    teacup (2.1.10)

PLATFORMS
  ruby

DEPENDENCIES
  ProMotion (~> 1.0.4)
  bubble-wrap
  motion-testflight
  teacup
