GEM
  remote: https://rubygems.org/
  specs:
    bubble-wrap (1.3.0)
    motion-pixate (2.0)
      sass
    motion-testflight (1.5)
    sass (3.2.11)
    sugarcube (1.1.0)
    teacup (2.1.10)

PLATFORMS
  ruby

DEPENDENCIES
  bubble-wrap
  motion-pixate
  motion-testflight
  sugarcube
  teacup
